GEM
  remote: https://rubygems.org/
  specs:
    ffi (1.11.2)
    json (2.2.0)
    natto (1.1.2)
      ffi (>= 1.9.0)

PLATFORMS
  ruby

DEPENDENCIES
  json
  natto

BUNDLED WITH
   1.17.2
